GEM
  remote: http://rubygems.org/
  specs:
    builder (2.1.2)
    cucumber (0.9.2)
      builder (~> 2.1.2)
      diff-lcs (~> 1.1.2)
      gherkin (~> 2.2.5)
      json (~> 1.4.6)
      term-ansicolor (~> 1.0.5)
    curb (0.7.15)
    diff-lcs (1.1.2)
    gherkin (2.2.9)
      json (~> 1.4.6)
      term-ansicolor (~> 1.0.5)
    json (1.4.6)
    mime-types (1.16)
    mustermann (1.1.1)
      ruby2_keywords (~> 0.0.1)
    nokogiri (1.4.4)
    open4 (1.3.4)
    rack (2.2.3)
    rack-protection (2.1.0)
      rack
    redis (2.1.1)
    redis-namespace (0.10.0)
      redis (< 3.0.0)
    resque (1.15.0)
      json (~> 1.4.6)
      redis-namespace (>= 0.10.0)
      sinatra (>= 0.9.2)
      vegas (~> 0.1.2)
    rspec (2.0.0)
      rspec-core (= 2.0.0)
      rspec-expectations (= 2.0.0)
      rspec-mocks (= 2.0.0)
    rspec-core (2.0.0)
    rspec-expectations (2.0.0)
      diff-lcs (>= 1.1.2)
    rspec-mocks (2.0.0)
      rspec-core (= 2.0.0)
      rspec-expectations (= 2.0.0)
    ruby2_keywords (0.0.2)
    rubyzip (0.9.4)
    sinatra (2.1.0)
      mustermann (~> 1.0)
      rack (~> 2.2)
      rack-protection (= 2.1.0)
      tilt (~> 2.0)
    streamio-ffmpeg (0.7.8)
    term-ansicolor (1.0.5)
    tilt (2.0.10)
    trollop (1.16.2)
    vegas (0.1.11)
      rack (>= 1.0.0)

PLATFORMS
  ruby

DEPENDENCIES
  builder
  cucumber (= 0.9.2)
  curb
  mime-types
  nokogiri (= 1.4.4)
  open4
  redis (= 2.1.1)
  resque (= 1.15.0)
  rspec (= 2.0.0)
  rubyzip
  streamio-ffmpeg
  trollop
